PATH
  remote: .
  specs:
    fake_s3 (1.0)

GEM
  remote: https://rubygems.org/
  specs:
    rake (10.5.0)

PLATFORMS
  ruby

DEPENDENCIES
  bundler (~> 1.9)
  fake_s3!
  rake (~> 10.0)

BUNDLED WITH
   1.16.2
